GEM
  remote: http://rubygems.org/
  specs:
    ZenTest (4.3.3)
    addressable (2.1.2)
    builder (2.1.2)
    ci_reporter (1.6.2)
      builder (>= 2.1.2)
    data_objects (0.10.2)
      addressable (~> 2.1)
    datamapper (1.0.0)
      dm-aggregates (= 1.0.0)
      dm-constraints (= 1.0.0)
      dm-core (= 1.0.0)
      dm-core (= 1.0.0)
      dm-migrations (= 1.0.0)
      dm-serializer (= 1.0.0)
      dm-timestamps (= 1.0.0)
      dm-transactions (= 1.0.0)
      dm-types (= 1.0.0)
      dm-validations (= 1.0.0)
    diff-lcs (1.1.2)
    dm-aggregates (1.0.0)
      dm-core (~> 1.0.0)
    dm-constraints (1.0.0)
      dm-core (~> 1.0.0)
      dm-migrations (~> 1.0.0)
    dm-core (1.0.0)
      addressable (~> 2.1)
      extlib (~> 0.9.15)
    dm-do-adapter (1.0.0)
      data_objects (~> 0.10.1)
      dm-core (~> 1.0.0)
    dm-migrations (1.0.0)
      dm-core (~> 1.0.0)
    dm-serializer (1.0.0)
      dm-core (~> 1.0.0)
      fastercsv (~> 1.5.3)
      json_pure (~> 1.4.3)
    dm-sqlite-adapter (1.0.0)
      dm-do-adapter (~> 1.0.0)
      do_sqlite3 (~> 0.10.2)
    dm-timestamps (1.0.0)
      dm-core (~> 1.0.0)
    dm-transactions (1.0.0)
      dm-core (~> 1.0.0)
    dm-types (1.0.0)
      dm-core (~> 1.0.0)
      fastercsv (~> 1.5.3)
      json_pure (~> 1.4.3)
      stringex (~> 1.1.0)
      uuidtools (~> 2.1.1)
    dm-validations (1.0.0)
      dm-core (~> 1.0.0)
    do_sqlite3 (0.10.2-x86-mingw32)
      data_objects (= 0.10.2)
    extlib (0.9.15)
    fastercsv (1.5.3)
    haml (3.0.13)
    json_pure (1.4.3)
    rack (1.2.1)
    rack-test (0.5.4)
      rack (>= 1.0)
    rr (1.0.2)
    rspec (2.4.0)
      rspec-core (~> 2.4.0)
      rspec-expectations (~> 2.4.0)
      rspec-mocks (~> 2.4.0)
    rspec-core (2.4.0)
    rspec-expectations (2.4.0)
      diff-lcs (~> 1.1.2)
    rspec-mocks (2.4.0)
    sinatra (1.0)
      rack (>= 1.0)
    stringex (1.1.0)
    uuidtools (2.1.1)

PLATFORMS
  x86-mingw32

DEPENDENCIES
  ZenTest (= 4.3.3)
  ci_reporter (= 1.6.2)
  datamapper (= 1.0.0)
  dm-sqlite-adapter (= 1.0.0)
  haml (= 3.0.13)
  rack (= 1.2.1)
  rack-test (= 0.5.4)
  rr (= 1.0.2)
  rspec (= 2.4.0)
  sinatra (= 1.0)
